GEM
  remote: https://rubygems.org/
  specs:
    awesome_print (1.2.0)
    coderay (1.1.0)
    cuba (3.3.0)
      rack
    diff-lcs (1.2.5)
    dotenv (1.0.2)
    ffi (1.9.6-java)
    foreman (0.63.0-java)
      dotenv (>= 0.7)
      thor (>= 0.13.6)
    method_source (0.8.2)
    nokogiri (1.6.3.1-java)
    pry (0.10.1-java)
      coderay (~> 1.1.0)
      method_source (~> 0.8.1)
      slop (~> 3.4)
      spoon (~> 0.0)
    puma (2.9.2-java)
      rack (>= 1.1, < 2.0)
    rack (1.5.2)
    rack-test (0.6.2)
      rack (>= 1.0)
    rake (10.3.2)
    rspec (3.1.0)
      rspec-core (~> 3.1.0)
      rspec-expectations (~> 3.1.0)
      rspec-mocks (~> 3.1.0)
    rspec-core (3.1.7)
      rspec-support (~> 3.1.0)
    rspec-expectations (3.1.2)
      diff-lcs (>= 1.2.0, < 2.0)
      rspec-support (~> 3.1.0)
    rspec-mocks (3.1.3)
      rspec-support (~> 3.1.0)
    rspec-support (3.1.2)
    slop (3.6.0)
    spoon (0.0.4)
      ffi
    thor (0.19.1)

PLATFORMS
  java

DEPENDENCIES
  awesome_print (~> 1.2.0)
  cuba (~> 3.3.0)
  dotenv (~> 1.0.2)
  foreman (~> 0.63.0)
  nokogiri (~> 1.6.3.1)
  pry (~> 0.10.1)
  puma (~> 2.9.2)
  rack-test (~> 0.6.2)
  rake (~> 10.3.2)
  rspec (~> 3.1.0)
